GEM
  remote: https://rubygems.org/
  specs:
    minitest (2.5.1)
    nokogiri (1.5.9)

PLATFORMS
  ruby

DEPENDENCIES
  minitest
  nokogiri
